Brain Vision Data Exchange Header File Version 1.0
; Data created by the Vision Recorder

[Common Infos]
Codepage=UTF-8
DataFile=PD01_stehen.eeg
MarkerFile=PD01_stehen.vmrk
DataFormat=BINARY
; Data orientation: MULTIPLEXED=ch1,pt1, ch2,pt1 ...
DataOrientation=MULTIPLEXED
NumberOfChannels=58
; Sampling interval in microseconds
SamplingInterval=1000

[Binary Infos]
BinaryFormat=INT_16

[Channel Infos]
; Each entry: Ch<Channel number>=<Name>,<Reference channel name>,
; <Resolution in "Unit">,<Unit>, Future extensions..
; Fields are delimited by commas, some fields might be omitted (empty).
; Commas in channel names are coded as "\1".
Ch1=FP1,,0.1,µV
Ch2=FP2,,0.1,µV
Ch3=F7,,0.1,µV
Ch4=F3,,0.1,µV
Ch5=Fz,,0.1,µV
Ch6=F4,,0.1,µV
Ch7=F8,,0.1,µV
Ch8=FC5,,0.1,µV
Ch9=FC1,,0.1,µV
Ch10=FC2,,0.1,µV
Ch11=FC6,,0.1,µV
Ch12=T7,,0.1,µV
Ch13=C3,,0.1,µV
Ch14=Cz,,0.1,µV
Ch15=C4,,0.1,µV
Ch16=T8,,0.1,µV
Ch17=CP5,,0.1,µV
Ch18=CP1,,0.1,µV
Ch19=CP2,,0.1,µV
Ch20=CP6,,0.1,µV
Ch21=P7,,0.1,µV
Ch22=P3,,0.1,µV
Ch23=P1,,0.1,µV
Ch24=Pz,,0.1,µV
Ch25=P2,,0.1,µV
Ch26=P4,,0.1,µV
Ch27=P8,,0.1,µV
Ch28=PO3,,0.1,µV
Ch29=PO4,,0.1,µV
Ch30=O1,,0.1,µV
Ch31=Oz,,0.1,µV
Ch32=O2,,0.1,µV
Ch33=AF3,,0.1,µV
Ch34=AF4,,0.1,µV
Ch35=F5,,0.1,µV
Ch36=F1,,0.1,µV
Ch37=F2,,0.1,µV
Ch38=F6,,0.1,µV
Ch39=FC3,,0.1,µV
Ch40=FCz,,0.1,µV
Ch41=FC4,,0.1,µV
Ch42=C5,,0.1,µV
Ch43=C1,,0.1,µV
Ch44=C2,,0.1,µV
Ch45=C6,,0.1,µV
Ch46=CP3,,0.1,µV
Ch47=CPz,,0.1,µV
Ch48=CP4,,0.1,µV
Ch49=TA_L1,,0.1,µV
Ch50=TA_L2,,0.1,µV
Ch51=GA_L1,,0.1,µV
Ch52=GA_L2,,0.1,µV
Ch53=TA_R1,,0.1,µV
Ch54=TA_R2,,0.1,µV
Ch55=GA_R1,,0.1,µV
Ch56=GA_R2,,0.1,µV
Ch57=IPG_1,,0.1,µV
Ch58=IPG_2,,0.1,µV

[Comment]

BrainVision Recorder Professional   -   V. 1.20.0506


A m p l i f i e r  S e t u p
============================
Number of channels: 58
Sampling Rate [Hz]: 1000
Sampling Interval [µS]: 1000

Channels
--------
#     Name      Phys. Chn.    Resolution / Unit   Low Cutoff [s]   High Cutoff [Hz]   Notch [Hz]    Series Res. [kOhm] Gradient         Offset
1     FP1         1                0.1 µV             10             1000              Off                0                 
2     FP2         2                0.1 µV             10             1000              Off                0                 
3     F7          3                0.1 µV             10             1000              Off                0                 
4     F3          4                0.1 µV             10             1000              Off                0                 
5     Fz          5                0.1 µV             10             1000              Off                0                 
6     F4          6                0.1 µV             10             1000              Off                0                 
7     F8          7                0.1 µV             10             1000              Off                0                 
8     FC5         8                0.1 µV             10             1000              Off                0                 
9     FC1         9                0.1 µV             10             1000              Off                0                 
10    FC2         10               0.1 µV             10             1000              Off                0                 
11    FC6         11               0.1 µV             10             1000              Off                0                 
12    T7          12               0.1 µV             10             1000              Off                0                 
13    C3          13               0.1 µV             10             1000              Off                0                 
14    Cz          14               0.1 µV             10             1000              Off                0                 
15    C4          15               0.1 µV             10             1000              Off                0                 
16    T8          16               0.1 µV             10             1000              Off                0                 
17    CP5         17               0.1 µV             10             1000              Off                0                 
18    CP1         18               0.1 µV             10             1000              Off                0                 
19    CP2         19               0.1 µV             10             1000              Off                0                 
20    CP6         20               0.1 µV             10             1000              Off                0                 
21    P7          21               0.1 µV             10             1000              Off                0                 
22    P3          22               0.1 µV             10             1000              Off                0                 
23    P1          23               0.1 µV             10             1000              Off                0                 
24    Pz          24               0.1 µV             10             1000              Off                0                 
25    P2          25               0.1 µV             10             1000              Off                0                 
26    P4          26               0.1 µV             10             1000              Off                0                 
27    P8          27               0.1 µV             10             1000              Off                0                 
28    PO3         28               0.1 µV             10             1000              Off                0                 
29    PO4         29               0.1 µV             10             1000              Off                0                 
30    O1          30               0.1 µV             10             1000              Off                0                 
31    Oz          31               0.1 µV             10             1000              Off                0                 
32    O2          32               0.1 µV             10             1000              Off                0                 
33    AF3         33               0.1 µV             10             1000              Off                0                 
34    AF4         34               0.1 µV             10             1000              Off                0                 
35    F5          35               0.1 µV             10             1000              Off                0                 
36    F1          36               0.1 µV             10             1000              Off                0                 
37    F2          37               0.1 µV             10             1000              Off                0                 
38    F6          38               0.1 µV             10             1000              Off                0                 
39    FC3         39               0.1 µV             10             1000              Off                0                 
40    FCz         40               0.1 µV             10             1000              Off                0                 
41    FC4         41               0.1 µV             10             1000              Off                0                 
42    C5          42               0.1 µV             10             1000              Off                0                 
43    C1          43               0.1 µV             10             1000              Off                0                 
44    C2          44               0.1 µV             10             1000              Off                0                 
45    C6          45               0.1 µV             10             1000              Off                0                 
46    CP3         46               0.1 µV             10             1000              Off                0                 
47    CPz         47               0.1 µV             10             1000              Off                0                 
48    CP4         48               0.1 µV             10             1000              Off                0                 
49    TA_L1       49               0.1 µV             10             1000              Off                0                 
50    TA_L2       50               0.1 µV             10             1000              Off                0                 
51    GA_L1       51               0.1 µV             10             1000              Off                0                 
52    GA_L2       52               0.1 µV             10             1000              Off                0                 
53    TA_R1       53               0.1 µV             10             1000              Off                0                 
54    TA_R2       54               0.1 µV             10             1000              Off                0                 
55    GA_R1       55               0.1 µV             10             1000              Off                0                 
56    GA_R2       56               0.1 µV             10             1000              Off                0                 
57    IPG_1       57               0.1 µV             10             1000              Off                0                 
58    IPG_2       58               0.1 µV             10             1000              Off                0                 

S o f t w a r e  F i l t e r s
==============================
Disabled


Test Signal from actiCAP is used.
Impedances Imported from actiCAP Control Software:
Impedance [kOhm] at 13:29:18 :
FP1:          6
FP2:         13
F7:           6
F3:           3
Fz:           9
F4:           5
F8:           9
FC5:          0
FC1:          3
FC2:         13
FC6:          3
T7:           6
C3:           0
Cz:           1
C4:          10
T8:          15
CP5:          4
CP1:          3
CP2:         15
CP6:          0
P7:           6
P3:           3
P1:           1
Pz:           0
P2:           6
P4:           8
P8:          21
PO3:         11
PO4:         11
O1:           9
Oz:          29
O2:          16
AF3:          4
AF4:          4
F5:           5
F1:           9
F2:           8
F6:           4
FC3:         10
FCz:          0
FC4:         20
C5:           0
C1:           2
C2:          10
C6:           1
CP3:          3
CPz:          8
CP4:          5
TA_L1:      108
TA_L2:      119
GA_L1:      120
GA_L2:       89
TA_R1:       54
TA_R2:       69
GA_R1:      102
GA_R2:      133
IPG_1:       71
IPG_2:       66
Gnd:          8
Ref:         12
